GEM
  remote: http://rubygems.org/
  specs:
    daemons (1.1.9)
    dnsruby (1.53)
    eventmachine (1.0.0)
    rack (1.4.1)
    sinatra (1.1.0)
      rack (~> 1.1)
      tilt (~> 1.1)
    thin (1.5.0)
      daemons (>= 1.0.9)
      eventmachine (>= 0.12.6)
      rack (>= 1.0.0)
    tilt (1.3.3)
    yajl-ruby (1.1.0)

PLATFORMS
  ruby

DEPENDENCIES
  dnsruby
  sinatra (= 1.1.0)
  thin
  yajl-ruby
